GIT
  remote: git://github.com/SoftwareWithFriends/stalker.git
  revision: e29cbcbdb83fbf42641d782972e017accedbf803
  specs:
    stalker (0.10.1)
      beanstalk-client
      json_pure

GIT
  remote: https://github.com/mongoid/mongoid.git
  revision: fba5723b72f33239f9abe00df0592c25e5e546c0
  specs:
    mongoid (3.1.0)
      activemodel (~> 3.1)
      moped (~> 1.1.1)
      origin (~> 1.0.3)
      tzinfo (~> 0.3.22)

GEM
  remote: http://rubygems.org/
  specs:
    activemodel (3.2.6)
      activesupport (= 3.2.6)
      builder (~> 3.0.0)
    activesupport (3.2.6)
      i18n (~> 0.6)
      multi_json (~> 1.0)
    ansi (1.4.2)
    beanstalk-client (1.1.1)
    bson (1.6.4)
    bson_ext (1.6.1)
      bson (~> 1.6.1)
    builder (3.0.0)
    git (1.2.5)
    i18n (0.6.0)
    jeweler (1.8.3)
      bundler (~> 1.0)
      git (>= 1.2.5)
      rake
      rdoc
    json (1.6.6)
    json_pure (1.7.3)
    metaclass (0.0.1)
    minitest (2.11.4)
    minitest-reporters (0.5.1)
      ansi
      minitest (~> 2.0)
      ruby-progressbar
    mocha (0.10.5)
      metaclass (~> 0.0.1)
    moped (1.1.2)
    multi_json (1.3.6)
    origin (1.0.4)
    rack (1.4.1)
    rack-protection (1.2.0)
      rack
    rake (0.9.2.2)
    rdoc (3.12)
      json (~> 1.4)
    redis (3.0.1)
    redis-namespace (1.2.0)
      redis (~> 3.0.0)
    resque (1.21.0)
      multi_json (~> 1.0)
      redis-namespace (~> 1.0)
      sinatra (>= 0.9.2)
      vegas (~> 0.1.2)
    ruby-progressbar (0.0.10)
    sinatra (1.3.2)
      rack (~> 1.3, >= 1.3.6)
      rack-protection (~> 1.2)
      tilt (~> 1.3, >= 1.3.3)
    tilt (1.3.3)
    tzinfo (0.3.33)
    vegas (0.1.11)
      rack (>= 1.0.0)

PLATFORMS
  ruby

DEPENDENCIES
  activesupport
  bson_ext
  bundler
  jeweler (~> 1.8.3)
  minitest-reporters
  mocha
  mongoid!
  rdoc (~> 3.12)
  resque
  stalker!
